{
	"Modality": "MR",
	"MagneticFieldStrength": 6.98,
	"ImagingFrequency": 297.182,
	"Manufacturer": "Siemens",
	"ManufacturersModelName": "Investigational_Device_7T",
	"InstitutionName": "NeuroSpin",
	"InstitutionalDepartmentName": "Department",
	"InstitutionAddress": "RD306_-_SACLAY_-_FR_91400",
	"DeviceSerialNumber": "18917",
	"StationName": "MEDPC",
	"PatientPosition": "HFS",
	"ProcedureStepDescription": "Recherche_CLS_Localizer",
	"SoftwareVersions": "syngo_MR_B17",
	"MRAcquisitionType": "2D",
	"SeriesDescription": "BP_SmsEPI_90sl_1.6iso_TR1200_AP_5min20_Echo_0",
	"ProtocolName": "BP_SmsEPI_90sl_1.6iso_TR1200_AP_5min20",
	"ScanningSequence": "EP",
	"SequenceVariant": "SK",
	"ScanOptions": "PFP_FS",
	"SequenceName": "B.Poser@MBIC_NL",
	"ImageType": ["ORIGINAL", "PRIMARY", "M", "ND", "MOSAIC"],
	"SeriesNumber": 8,
	"AcquisitionTime": "15:52:49.470000",
	"AcquisitionNumber": 1,
	"SliceThickness": 1.6,
	"SpacingBetweenSlices": 1.6,
	"EchoTime": 0.022,
	"RepetitionTime": 1.2285,
	"FlipAngle": 55,
	"PartialFourier": 0.875,
	"BaseResolution": 130,
	"ShimSetting": [
		-83,
		-26,
		513,
		1305,
		-140,
		515,
		180,
		162	],
	"TxRefAmp": 89,
	"PhaseResolution": 1,
	"ReceiveCoilName": "8Tx32Rx_Head_7T",
	"CoilString": "C:AC",
	"PulseSequenceDetails": "%CustomerSeq%_BP_ep2d_bold_multiecho_WIP_SMS",
	"PercentPhaseFOV": 100,
	"PhaseEncodingSteps": 114,
	"AcquisitionMatrixPE": 130,
	"ReconMatrixPE": 130,
	"BandwidthPerPixelPhaseEncode": 24.038,
	"ParallelReductionFactorInPlane": 2,
	"EffectiveEchoSpacing": 0.000320006,
	"DerivedVendorReportedEchoSpacing": 0.000640012,
	"TotalReadoutTime": 0.0412808,
	"PixelBandwidth": 2024,
	"DwellTime": 1.9e-06,
	"PhaseEncodingDirection": "j-",
	"ImageOrientationPatientDICOM": [
		1,
		0,
		0,
		0,
		1,
		0	],
	"InPlanePhaseEncodingDirectionDICOM": "COL",
	"ConversionSoftware": "dcm2niix",
	"ConversionSoftwareVersion": "v1.0.20181125  GCC5.3.1"
}
