{
	"Modality": "MR",
	"MagneticFieldStrength": 6.98,
	"ImagingFrequency": 297.182,
	"Manufacturer": "Siemens",
	"ManufacturersModelName": "Investigational_Device_7T",
	"InstitutionName": "NeuroSpin",
	"InstitutionalDepartmentName": "Department",
	"InstitutionAddress": "RD306_-_SACLAY_-_FR_91400",
	"DeviceSerialNumber": "18917",
	"StationName": "MEDPC",
	"PatientPosition": "HFS",
	"ProcedureStepDescription": "Recherche_CLS_Localizer",
	"SoftwareVersions": "syngo_MR_B17",
	"MRAcquisitionType": "3D",
	"SeriesDescription": "NS_MPRAGE_UP_0.8mmIso_p2_UP",
	"ProtocolName": "NS_MPRAGE_UP_0.8mmIso_p2_UP",
	"ScanningSequence": "RM_IR",
	"SequenceVariant": "SP_MP",
	"ScanOptions": "IR",
	"SequenceName": "tfl_UP3d1",
	"ImageType": ["ORIGINAL", "PRIMARY", "M", "ND"],
	"SeriesNumber": 17,
	"AcquisitionTime": "11:48:5.120000",
	"AcquisitionNumber": 1,
	"SliceThickness": 0.8,
	"EchoTime": 0.00343,
	"RepetitionTime": 2.6,
	"InversionTime": 1.1,
	"FlipAngle": 4,
	"PartialFourier": 1,
	"BaseResolution": 320,
	"ShimSetting": [
		-3,
		-151,
		575,
		1268,
		-230,
		-223,
		21,
		218	],
	"TxRefAmp": 111,
	"PhaseResolution": 1,
	"ReceiveCoilName": "8Tx32Rx_Head_7T",
	"CoilString": "C:AC",
	"PulseSequenceDetails": "%CustomerSeq%_NS_MPRAGE_7TpTx_Universal-kTpoints_NOVA-8Tx-32Rx",
	"PercentPhaseFOV": 87.5,
	"PhaseEncodingSteps": 280,
	"AcquisitionMatrixPE": 280,
	"ReconMatrixPE": 320,
	"PixelBandwidth": 240,
	"DwellTime": 6.5e-06,
	"ImageOrientationPatientDICOM": [
		0,
		1,
		0,
		0,
		0,
		-1	],
	"InPlanePhaseEncodingDirectionDICOM": "ROW",
	"ConversionSoftware": "dcm2niix",
	"ConversionSoftwareVersion": "v1.0.20181125  GCC5.3.1"
}
