{
	"Modality": "MR",
	"MagneticFieldStrength": 6.98,
	"ImagingFrequency": 297.182,
	"Manufacturer": "Siemens",
	"ManufacturersModelName": "Investigational_Device_7T",
	"InstitutionName": "NeuroSpin",
	"InstitutionalDepartmentName": "Department",
	"InstitutionAddress": "RD306_StreetNo_SACLAY_IDF_FR_91190",
	"DeviceSerialNumber": "18917",
	"PatientPosition": "HFS",
	"SoftwareVersions": "syngo_MR_B17",
	"MRAcquisitionType": "3D",
	"SeriesDescription": "CombinedEchoes_fixed_weights",
	"ProtocolName": "BP_ep3d_bold_multiecho_MBIC_CAIPI_PA_TR1200",
	"ScanningSequence": "EP",
	"SequenceVariant": "SK_SP",
	"ScanOptions": "PFP",
	"SequenceName": "B.Poser&M.Barth",
	"ImageType": ["ORIGINAL", "PRIMARY", "M", "ND", "ECHO", "00", "COMBINED", "COMBINED", "ECHOES", "MOSAIC"],
	"SeriesNumber": 27,
	"AcquisitionTime": "11:40:28.670000",
	"AcquisitionNumber": 1,
	"ImageComments": "C2x4-2_Ref40x40s_CombinedEchoes_fixed_weights_mb180076_19980401_mb180076-1914_2",
	"SliceThickness": 1.6,
	"SpacingBetweenSlices": 1.6,
	"RepetitionTime": 0.05,
	"FlipAngle": 13,
	"PartialFourier": 0.875,
	"BaseResolution": 130,
	"ShimSetting": [
		-3,
		-151,
		575,
		1268,
		-230,
		-223,
		21,
		218	],
	"TxRefAmp": 111,
	"PhaseResolution": 1,
	"ReceiveCoilName": "8Tx32Rx_Head_7T",
	"CoilString": "C:AC",
	"PulseSequenceDetails": "%CustomerSeq%_BP_ep3d_bold_multiecho",
	"MultibandAccelerationFactor": 96,
	"PercentPhaseFOV": 100,
	"PhaseEncodingSteps": 114,
	"AcquisitionMatrixPE": 130,
	"ReconMatrixPE": 130,
	"BandwidthPerPixelPhaseEncode": 24.814,
	"EffectiveEchoSpacing": 0.000309999,
	"DerivedVendorReportedEchoSpacing": 0.00247999,
	"TotalReadoutTime": 0.0399898,
	"PixelBandwidth": 2024,
	"DwellTime": 1.9e-06,
	"SliceTiming": [
		0,
		0,
		0,
		0,
		0,
		0,
		0,
		0,
		0,
		0,
		0,
		0,
		0,
		0,
		0,
		0,
		0,
		0,
		0,
		0,
		0,
		0,
		0,
		0,
		0,
		0,
		0,
		0,
		0,
		0,
		0,
		0,
		0,
		0,
		0,
		0,
		0,
		0,
		0,
		0,
		0,
		0,
		0,
		0,
		0,
		0,
		0,
		0,
		0,
		0,
		0,
		0,
		0,
		0,
		0,
		0,
		0,
		0,
		0,
		0,
		0,
		0,
		0,
		0,
		0,
		0,
		0,
		0,
		0,
		0,
		0,
		0,
		0,
		0,
		0,
		0,
		0,
		0,
		0,
		0,
		0,
		0,
		0,
		0,
		0,
		0,
		0,
		0,
		0,
		0,
		0,
		0,
		0,
		0,
		0,
		0	],
	"ImageOrientationPatientDICOM": [
		0,
		1,
		0,
		0,
		0,
		-1	],
	"InPlanePhaseEncodingDirectionDICOM": "ROW",
	"ConversionSoftware": "dcm2niix",
	"ConversionSoftwareVersion": "v1.0.20181125  GCC5.3.1"
}
